PATH
  remote: .
  specs:
    autodns_api (0.0.1)
      faraday
      nokogiri

GEM
  remote: https://rubygems.org/
  specs:
    coderay (1.1.1)
    faraday (0.10.0)
      multipart-post (>= 1.2, < 3)
    method_source (0.8.2)
    mini_portile2 (2.1.0)
    multipart-post (2.0.0)
    nokogiri (1.6.8.1)
      mini_portile2 (~> 2.1.0)
    pry (0.10.4)
      coderay (~> 1.1.0)
      method_source (~> 0.8.1)
      slop (~> 3.4)
    rake (10.5.0)
    slop (3.6.0)

PLATFORMS
  ruby

DEPENDENCIES
  autodns_api!
  bundler (~> 1.12)
  pry
  rake

BUNDLED WITH
   1.13.6
